PATH
  remote: .
  specs:
    minitest-keyword (1.0.0)
      minitest (~> 5.0)

GEM
  remote: https://rubygems.org/
  specs:
    ast (2.4.0)
    docile (1.3.2)
    jaro_winkler (1.5.4)
    minitest (5.14.0)
    parallel (1.19.1)
    parser (2.7.0.2)
      ast (~> 2.4.0)
    rainbow (3.0.0)
    rake (13.0.1)
    rexml (3.2.4)
    rubocop (0.80.0)
      jaro_winkler (~> 1.5.1)
      parallel (~> 1.10)
      parser (>= 2.7.0.1)
      rainbow (>= 2.2.2, < 4.0)
      rexml
      ruby-progressbar (~> 1.7)
      unicode-display_width (>= 1.4.0, < 1.7)
    ruby-progressbar (1.10.1)
    simplecov (0.18.4)
      docile (~> 1.1)
      simplecov-html (~> 0.11)
    simplecov-html (0.12.1)
    unicode-display_width (1.6.1)

PLATFORMS
  ruby

DEPENDENCIES
  bundler (~> 2.0)
  minitest-keyword!
  rake (~> 13.0)
  rubocop (~> 0.73)
  simplecov (~> 0.17)

BUNDLED WITH
   2.1.2
